PATH
  remote: .
  specs:
    hashy_validator (0.0.1)
      activerecord (~> 6.0.0)
      hash_validator (~> 1.0.0)

GEM
  remote: https://rubygems.org/
  specs:
    activemodel (6.0.6.1)
      activesupport (= 6.0.6.1)
    activerecord (6.0.6.1)
      activemodel (= 6.0.6.1)
      activesupport (= 6.0.6.1)
    activesupport (6.0.6.1)
      concurrent-ruby (~> 1.0, >= 1.0.2)
      i18n (>= 0.7, < 2)
      minitest (~> 5.1)
      tzinfo (~> 1.1)
      zeitwerk (~> 2.2, >= 2.2.2)
    concurrent-ruby (1.2.2)
    hash_validator (1.0.0)
    i18n (1.14.1)
      concurrent-ruby (~> 1.0)
    minitest (5.20.0)
    rake (13.1.0)
    sqlite3 (1.7.0-aarch64-linux)
    sqlite3 (1.7.0-arm64-darwin)
    thread_safe (0.3.6)
    tzinfo (1.2.11)
      thread_safe (~> 0.1)
    zeitwerk (2.6.12)

PLATFORMS
  aarch64-linux
  arm64-darwin-23

DEPENDENCIES
  hash_validator (~> 1.0.0)
  hashy_validator!
  minitest (>= 5.15.0)
  rake (~> 13.1.0)
  sqlite3 (~> 1.4)

BUNDLED WITH
   2.4.10
